GEM
  remote: https://rubygems.org/
  specs:
    connection_pool (2.2.2)
    domain_name (0.5.20190701)
      unf (>= 0.0.5, < 1.0.0)
    dotenv (2.7.4)
    encrypted_cookie (0.0.5)
      rack (>= 1.1, < 3)
    faraday (0.15.4)
      multipart-post (>= 1.2, < 3)
    http-accept (1.7.0)
    http-cookie (1.0.3)
      domain_name (~> 0.5)
    json (2.2.0)
    mime-types (3.3.1)
      mime-types-data (~> 3.2015)
    mime-types-data (3.2019.1009)
    multipart-post (2.1.1)
    mustermann (1.0.3)
    net-http-persistent (3.0.1)
      connection_pool (~> 2.2)
    netrc (0.11.0)
    rack (2.0.8)
    rack-protection (2.0.5)
      rack
    rest-client (2.1.0)
      http-accept (>= 1.7.0, < 2.0)
      http-cookie (>= 1.0.2, < 2.0)
      mime-types (>= 1.16, < 4.0)
      netrc (~> 0.8)
    sinatra (2.0.5)
      mustermann (~> 1.0)
      rack (~> 2.0)
      rack-protection (= 2.0.5)
      tilt (~> 2.0)
    stripe (4.21.2)
      faraday (~> 0.13)
      net-http-persistent (~> 3.0)
    tilt (2.0.9)
    unf (0.1.4)
      unf_ext
    unf_ext (0.0.7.6)

PLATFORMS
  ruby

DEPENDENCIES
  dotenv (= 2.7.4)
  encrypted_cookie (= 0.0.5)
  json (= 2.2.0)
  rest-client (~> 2.1)
  sinatra (= 2.0.5)
  stripe (= 4.21.2)

RUBY VERSION
   ruby 2.6.3p62

BUNDLED WITH
   1.17.3
